PATH
  remote: .
  specs:
    etl (0.1.0)
      light-service (~> 0.11)

GEM
  remote: https://rubygems.org/
  specs:
    light-service (0.12.0)
    minitest (5.14.0)
    rake (10.5.0)

PLATFORMS
  ruby

DEPENDENCIES
  bundler (~> 1.16)
  etl!
  minitest (~> 5.0)
  rake (~> 10.0)

BUNDLED WITH
   1.17.3
